GEM
  remote: https://rubygems.org/
  specs:
    addressable (2.4.0)
    faraday (0.9.2)
      multipart-post (>= 1.2, < 3)
    git (1.3.0)
    json (2.3.0)
    multipart-post (2.0.0)
    net-ping (1.7.8)
    net-ssh (3.2.0)
    octokit (4.3.0)
      sawyer (~> 0.7.0, >= 0.5.3)
    safe_yaml (1.0.4)
    sawyer (0.7.0)
      addressable (>= 2.3.5, < 2.5)
      faraday (~> 0.8, < 0.10)

PLATFORMS
  ruby

DEPENDENCIES
  git
  json
  net-ping
  net-ssh
  octokit
  safe_yaml

BUNDLED WITH
   1.12.5
